GEM
  remote: https://rubygems.org/
  specs:
    image_size (2.0.0)
    review (2.4.0)
      image_size
      rouge
      rubyzip
    review-peg (0.2.2)
    rouge (3.2.1)
    rubyzip (1.2.2)

PLATFORMS
  ruby

DEPENDENCIES
  review (= 2.4.0)
  review-peg (= 0.2.2)

BUNDLED WITH
   1.16.4
